PATH
  remote: .
  specs:
    crystal_finder (0.1.0)

GEM
  remote: https://rubygems.org/
  specs:
    colorize (0.8.1)
    mini_portile2 (2.4.0)
    nokogiri (1.10.10)
      mini_portile2 (~> 2.4.0)
    open-uri (0.1.0)
    rake (12.3.3)

PLATFORMS
  ruby

DEPENDENCIES
  colorize
  crystal_finder!
  nokogiri
  open-uri
  rake (~> 12.0)

BUNDLED WITH
   2.1.4
